GEM
  remote: https://rubygems.org/
  specs:
    sqlite3 (1.4.4)

PLATFORMS
  x86_64-darwin-21

DEPENDENCIES
  sqlite3 (~> 1.4, >= 1.4.4)

BUNDLED WITH
   2.3.15
